PATH
  remote: .
  specs:
    knitting_cli (0.1.0)

GEM
  remote: https://rubygems.org/
  specs:
    coderay (1.1.1)
    method_source (0.8.2)
    mini_portile2 (2.4.0)
    nokogiri (1.10.8)
      mini_portile2 (~> 2.4.0)
    pry (0.10.4)
      coderay (~> 1.1.0)
      method_source (~> 0.8.1)
      slop (~> 3.4)
    rake (13.0.1)
    slop (3.6.0)

PLATFORMS
  ruby

DEPENDENCIES
  bundler (~> 1.14)
  knitting_cli!
  nokogiri (~> 1.10.4)
  pry
  rake (~> 13.0)

BUNDLED WITH
   1.16.1
